GEM
  remote: https://rubygems.org/
  specs:
    addressable (2.3.8)
    coffee-script (2.3.0)
      coffee-script-source
      execjs
    coffee-script-source (1.8.0)
    daemons (1.2.2)
    em-websocket (0.3.8)
      addressable (>= 2.1.1)
      eventmachine (>= 0.12.9)
    eventmachine (1.0.7)
    execjs (2.2.1)
    haml (3.1.8)
    rack (1.6.0)
    rack-protection (1.5.3)
      rack
    sass (3.2.19)
    sinatra (1.3.6)
      rack (~> 1.4)
      rack-protection (~> 1.3)
      tilt (~> 1.3, >= 1.3.3)
    thin (1.6.3)
      daemons (~> 1.0, >= 1.0.9)
      eventmachine (~> 1.0)
      rack (~> 1.0)
    tilt (1.4.1)

PLATFORMS
  ruby

DEPENDENCIES
  coffee-script
  em-websocket
  haml (~> 3.1.7)
  sass (~> 3.2.1)
  sinatra (~> 1.3.3)
  thin
